GEM
  remote: http://rubygems.org/
  specs:
    eventmachine (0.12.10)
    json (1.4.6)
    luck (0.1.6)

PLATFORMS
  ruby

DEPENDENCIES
  eventmachine
  json
  luck
